GEM
  remote: https://rubygems.org/
  specs:
    commander (4.2.1)
      highline (~> 1.6.11)
    elasticsearch (1.0.6)
      elasticsearch-api (= 1.0.6)
      elasticsearch-transport (= 1.0.6)
    elasticsearch-api (1.0.6)
      multi_json
    elasticsearch-transport (1.0.6)
      faraday
      multi_json
    faraday (0.9.0)
      multipart-post (>= 1.2, < 3)
    highline (1.6.21)
    multi_json (1.10.1)
    multipart-post (2.0.0)

PLATFORMS
  ruby

DEPENDENCIES
  commander
  elasticsearch
